GEM
  remote: http://rubygems.org/
  specs:
    activesupport (4.0.0)
      i18n (~> 0.6, >= 0.6.4)
      minitest (~> 4.2)
      multi_json (~> 1.3)
      thread_safe (~> 0.1)
      tzinfo (~> 0.3.37)
    addressable (2.3.5)
    atomic (1.1.14)
    atomic (1.1.14-java)
    builder (3.2.2)
    colorize (0.5.8)
    couchrest (1.2.0)
      mime-types (~> 1.15)
      multi_json (~> 1.0)
      rest-client (~> 1.6.1)
    coveralls (0.7.0)
      multi_json (~> 1.3)
      rest-client
      simplecov (>= 0.7)
      term-ansicolor
      thor
    cucumber (1.3.10)
      builder (>= 2.1.2)
      diff-lcs (>= 1.1.3)
      gherkin (~> 2.12.1)
      multi_json (>= 1.7.5, < 2.0)
      multi_test (>= 0.0.2)
    diff-lcs (1.2.4)
    factory_girl (4.3.0)
      activesupport (>= 3.0.0)
    gherkin (2.12.2)
      multi_json (~> 1.3)
    gherkin (2.12.2-java)
      multi_json (~> 1.3)
    gherkin-ruby (0.3.0)
    hashie (2.0.5)
    i18n (0.6.5)
    json (1.8.1)
    json (1.8.1-java)
    json_pure (1.8.1)
    metainspector (1.17.2)
      addressable (~> 2.3.4)
      nokogiri (~> 1.5)
      open_uri_redirections (~> 0.1.0)
      rash (~> 0.4.0)
    mime-types (1.25)
    mini_portile (0.5.1)
    minitest (4.7.5)
    multi_json (1.8.2)
    multi_test (0.0.2)
    nokogiri (1.6.1)
      mini_portile (~> 0.5.0)
    nokogiri (1.6.0-java)
      mini_portile (~> 0.5.0)
    open_uri_redirections (0.1.1)
    rake (10.1.1)
    rash (0.4.0)
      hashie (~> 2.0.0)
    rest-client (1.6.7)
      mime-types (>= 1.16)
    rspec (2.14.1)
      rspec-core (~> 2.14.0)
      rspec-expectations (~> 2.14.0)
      rspec-mocks (~> 2.14.0)
    rspec-core (2.14.6)
    rspec-expectations (2.14.3)
      diff-lcs (>= 1.1.3, < 2.0)
    rspec-mocks (2.14.4)
    simplecov (0.7.1)
      multi_json (~> 1.0)
      simplecov-html (~> 0.7.1)
    simplecov-html (0.7.1)
    spinach (0.8.7)
      colorize (= 0.5.8)
      gherkin-ruby (~> 0.3.0)
    term-ansicolor (1.2.2)
      tins (~> 0.8)
    thor (0.18.1)
    thread_safe (0.1.3)
      atomic
    thread_safe (0.1.3-java)
      atomic
    tins (0.12.0)
    tzinfo (0.3.38)

PLATFORMS
  java
  ruby

DEPENDENCIES
  bundler
  couchrest
  coveralls
  cucumber
  factory_girl
  gherkin
  json
  json_pure
  metainspector
  rake
  rspec
  spinach
